GEM
  remote: https://rubygems.org/
  specs:
    dotenv (2.0.2)
    pg (0.18.4)
    sequel (4.29.0)
    thor (0.19.1)

PLATFORMS
  ruby

DEPENDENCIES
  dotenv (~> 2.0, >= 2.0.2)
  pg (~> 0.18.4)
  sequel (~> 4.29)
  thor (~> 0.19.1)

BUNDLED WITH
   1.10.6
